GEM
  remote: http://rubygems.org/
  specs:
    activesupport (4.0.2)
      i18n (~> 0.6, >= 0.6.4)
      minitest (~> 4.2)
      multi_json (~> 1.3)
      thread_safe (~> 0.1)
      tzinfo (~> 0.3.37)
    atomic (1.1.14)
    chunky_png (1.2.9)
    cssesc (0.1.0)
      activesupport
      cssesc-source
      execjs
    cssesc-source (0.1.0)
    dimensions (1.2.0)
    execjs (2.0.2)
    i18n (0.6.9)
    mime-types (2.0)
    minitest (4.7.5)
    multi_json (1.8.2)
    sass (3.2.12)
    sass-globbing (1.1.0)
      sass (>= 3.1)
    thread_safe (0.1.3)
      atomic
    tzinfo (0.3.38)

PLATFORMS
  ruby

DEPENDENCIES
  chunky_png
  cssesc
  dimensions
  mime-types
  sass
  sass-globbing
